GEM
  remote: https://rubygems.org/
  specs:
    bigdecimal (3.1.6)
    jsonpath (1.1.5)
      multi_json
    mqtt (0.6.0)
    multi_json (1.15.0)
    sequel (5.76.0)
      bigdecimal
    sqlite3 (1.7.0-aarch64-linux)
    sqlite3 (1.7.0-arm-linux)
    sqlite3 (1.7.0-arm64-darwin)
    sqlite3 (1.7.0-x86-linux)
    sqlite3 (1.7.0-x86_64-darwin)
    sqlite3 (1.7.0-x86_64-linux)
    tomlrb (2.0.3)

PLATFORMS
  aarch64-linux
  arm-linux
  arm64-darwin
  x86-linux
  x86_64-darwin
  x86_64-linux

DEPENDENCIES
  jsonpath (~> 1.1, >= 1.1.5)
  mqtt (~> 0.6.0)
  sequel (~> 5.76)
  sqlite3 (~> 1.7)
  tomlrb (~> 2.0, >= 2.0.3)

BUNDLED WITH
   2.5.5
